PATH
  remote: .
  specs:
    dorian (0.5.10)
      dorian-all (~> 0)
      dorian-anonymize (~> 0)
      dorian-anonymize-json (~> 0)
      dorian-anonymize-yaml (~> 0)
      dorian-dot (~> 0)
      dorian-each (~> 0)
      dorian-git-ls-ruby-files (~> 0)
      dorian-git-tree (~> 0)
      dorian-parallel (~> 0)
      dorian-pretty (~> 0)
      dorian-release (~> 0)
      dorian-replace (~> 0)
      dorian-shuffle (~> 0)
      dorian-sort-json (~> 0)
      dorian-sort-yaml (~> 0)
      dorian-times (~> 0)
      dorian-top (~> 0)
      dorian-yaml-compare (~> 0)
      dorian-yaml-read-write (~> 0)

GEM
  remote: https://rubygems.org/
  specs:
    addressable (2.8.6)
      public_suffix (>= 2.0.2, < 6.0)
    diff-lcs (1.5.1)
    dorian-all (0.5.4)
    dorian-anonymize (0.1.0)
    dorian-anonymize-json (0.1.0)
      json (~> 2)
    dorian-anonymize-yaml (0.1.2)
    dorian-dot (0.4.3)
      git (~> 1)
    dorian-each (0.3.3)
    dorian-git-ls-ruby-files (0.1.2)
      git (~> 1)
    dorian-git-tree (0.3.2)
    dorian-parallel (0.1.1)
      parallel
    dorian-pretty (0.2.1)
      git (~> 1)
      syntax_tree (~> 6)
    dorian-release (0.1.1)
    dorian-replace (0.4.1)
    dorian-shuffle (0.4.0)
    dorian-sort-json (0.4.3)
    dorian-sort-yaml (0.3.1)
    dorian-times (0.4.0)
    dorian-top (0.1.1)
    dorian-yaml-compare (0.3.3)
    dorian-yaml-read-write (0.2.5)
    git (1.19.1)
      addressable (~> 2.8)
      rchardet (~> 1.8)
    json (2.7.1)
    parallel (1.24.0)
    prettier_print (1.2.1)
    public_suffix (5.0.4)
    rchardet (1.8.0)
    rspec (3.13.0)
      rspec-core (~> 3.13.0)
      rspec-expectations (~> 3.13.0)
      rspec-mocks (~> 3.13.0)
    rspec-core (3.13.0)
      rspec-support (~> 3.13.0)
    rspec-expectations (3.13.0)
      diff-lcs (>= 1.2.0, < 2.0)
      rspec-support (~> 3.13.0)
    rspec-mocks (3.13.0)
      diff-lcs (>= 1.2.0, < 2.0)
      rspec-support (~> 3.13.0)
    rspec-support (3.13.1)
    syntax_tree (6.2.0)
      prettier_print (>= 1.2.0)

PLATFORMS
  arm64-darwin-23
  ruby

DEPENDENCIES
  dorian!
  rspec

RUBY VERSION
   ruby 3.3.0p0

BUNDLED WITH
   2.5.7
