PATH
  remote: .
  specs:
    dorian (0.7.0)
      dorian-all
      dorian-anonymize
      dorian-anonymize-json
      dorian-anonymize-yaml
      dorian-dir
      dorian-dot
      dorian-each
      dorian-git-ls-ruby-files
      dorian-git-tree
      dorian-parallel
      dorian-pretty
      dorian-release
      dorian-replace
      dorian-shuffle
      dorian-sort-json
      dorian-sort-yaml
      dorian-times
      dorian-top
      dorian-yaml-compare
      dorian-yaml-read-write

GEM
  remote: https://rubygems.org/
  specs:
    activesupport (7.1.3.4)
      base64
      bigdecimal
      concurrent-ruby (~> 1.0, >= 1.0.2)
      connection_pool (>= 2.2.5)
      drb
      i18n (>= 1.6, < 2)
      minitest (>= 5.1)
      mutex_m
      tzinfo (~> 2.0)
    addressable (2.8.7)
      public_suffix (>= 2.0.2, < 7.0)
    ast (2.4.2)
    base64 (0.2.0)
    bigdecimal (3.1.8)
    concurrent-ruby (1.3.3)
    connection_pool (2.4.1)
    diff-lcs (1.5.1)
    dorian-all (0.6.0)
    dorian-anonymize (0.1.4)
    dorian-anonymize-json (0.1.4)
      json (~> 2)
    dorian-anonymize-yaml (0.1.6)
    dorian-dir (0.3.0)
    dorian-dot (0.6.0)
      git (~> 1)
    dorian-each (0.3.7)
    dorian-git-ls-ruby-files (0.1.6)
      git (~> 1)
    dorian-git-tree (0.4.4)
      git (~> 1)
    dorian-parallel (0.1.5)
      parallel
    dorian-pretty (0.2.5)
      git (~> 1)
      syntax_tree (~> 6)
    dorian-release (0.1.5)
    dorian-replace (0.4.4)
    dorian-shuffle (0.4.3)
    dorian-sort-json (0.4.6)
    dorian-sort-yaml (0.3.4)
    dorian-times (0.4.4)
    dorian-top (0.1.4)
    dorian-yaml-compare (0.3.6)
    dorian-yaml-read-write (0.2.6)
    drb (2.2.1)
    git (1.19.1)
      addressable (~> 2.8)
      rchardet (~> 1.8)
    i18n (1.14.5)
      concurrent-ruby (~> 1.0)
    json (2.7.2)
    language_server-protocol (3.17.0.3)
    minitest (5.24.1)
    mutex_m (0.2.0)
    parallel (1.25.1)
    parser (3.3.3.0)
      ast (~> 2.4.1)
      racc
    prettier_print (1.2.1)
    public_suffix (6.0.0)
    racc (1.8.0)
    rack (3.1.6)
    rainbow (3.1.1)
    rchardet (1.8.0)
    regexp_parser (2.9.2)
    rexml (3.3.1)
      strscan
    rspec (3.13.0)
      rspec-core (~> 3.13.0)
      rspec-expectations (~> 3.13.0)
      rspec-mocks (~> 3.13.0)
    rspec-core (3.13.0)
      rspec-support (~> 3.13.0)
    rspec-expectations (3.13.1)
      diff-lcs (>= 1.2.0, < 2.0)
      rspec-support (~> 3.13.0)
    rspec-mocks (3.13.1)
      diff-lcs (>= 1.2.0, < 2.0)
      rspec-support (~> 3.13.0)
    rspec-support (3.13.1)
    rubocop (1.64.1)
      json (~> 2.3)
      language_server-protocol (>= 3.17.0)
      parallel (~> 1.10)
      parser (>= 3.3.0.2)
      rainbow (>= 2.2.2, < 4.0)
      regexp_parser (>= 1.8, < 3.0)
      rexml (>= 3.2.5, < 4.0)
      rubocop-ast (>= 1.31.1, < 2.0)
      ruby-progressbar (~> 1.7)
      unicode-display_width (>= 2.4.0, < 3.0)
    rubocop-ast (1.31.3)
      parser (>= 3.3.1.0)
    rubocop-minitest (0.35.0)
      rubocop (>= 1.61, < 2.0)
      rubocop-ast (>= 1.31.1, < 2.0)
    rubocop-performance (1.21.1)
      rubocop (>= 1.48.1, < 2.0)
      rubocop-ast (>= 1.31.1, < 2.0)
    rubocop-rails (2.25.1)
      activesupport (>= 4.2.0)
      rack (>= 1.1)
      rubocop (>= 1.33.0, < 2.0)
      rubocop-ast (>= 1.31.1, < 2.0)
    rubocop-rails-omakase (1.0.0)
      rubocop
      rubocop-minitest
      rubocop-performance
      rubocop-rails
    ruby-progressbar (1.13.0)
    strscan (3.1.0)
    syntax_tree (6.2.0)
      prettier_print (>= 1.2.0)
    tzinfo (2.0.6)
      concurrent-ruby (~> 1.0)
    unicode-display_width (2.5.0)

PLATFORMS
  arm64-darwin-23
  ruby

DEPENDENCIES
  dorian!
  rspec
  rubocop-rails-omakase

RUBY VERSION
   ruby 3.3.3p89

BUNDLED WITH
   2.5.14
